GEM
  remote: http://rubygems.org/
  specs:
    activemodel (4.2.7.1)
      activesupport (= 4.2.7.1)
      builder (~> 3.1)
    activerecord (4.2.7.1)
      activemodel (= 4.2.7.1)
      activesupport (= 4.2.7.1)
      arel (~> 6.0)
    activesupport (4.2.7.1)
      i18n (~> 0.7)
      json (~> 1.7, >= 1.7.7)
      minitest (~> 5.1)
      thread_safe (~> 0.3, >= 0.3.4)
      tzinfo (~> 1.1)
    arel (6.0.3)
    bcrypt (3.1.11)
    builder (3.2.2)
    database_cleaner (1.5.3)
    diff-lcs (1.2.5)
    factory_girl (4.7.0)
      activesupport (>= 3.0.0)
    i18n (0.7.0)
    json (1.8.3)
    minitest (5.9.0)
    multi_json (1.12.1)
    oj (2.17.4)
    pg (0.18.4)
    puma (3.6.0)
    rack (2.0.1)
    rack-cors (0.4.0)
    rack-test (0.6.3)
      rack (>= 1.0)
    rake (11.2.2)
    rspec (3.5.0)
      rspec-core (~> 3.5.0)
      rspec-expectations (~> 3.5.0)
      rspec-mocks (~> 3.5.0)
    rspec-core (3.5.3)
      rspec-support (~> 3.5.0)
    rspec-expectations (3.5.0)
      diff-lcs (>= 1.2.0, < 2.0)
      rspec-support (~> 3.5.0)
    rspec-mocks (3.5.0)
      diff-lcs (>= 1.2.0, < 2.0)
      rspec-support (~> 3.5.0)
    rspec-support (3.5.0)
    spine-actions (0.1.1)
      rack (>= 1.6)
      spine-content_types (>= 0.1)
    spine-authorisation (0.1.0)
      spine-hub (~> 0.1)
      spine-permissions (~> 0.1)
      spine-restrictions (~> 0.1)
    spine-content_types (0.1.2)
      multi_json (~> 1.0)
    spine-engines (0.2.1)
      rack (>= 1.6)
    spine-hub (0.5.0)
    spine-logging (0.2.0)
    spine-mappings (0.1.0)
    spine-parameters (0.3.0)
      spine-symbolize (~> 0.1)
    spine-permissions (0.1.0)
    spine-restrictions (0.1.0)
    spine-routing (0.3.2)
      rack (>= 1.6)
    spine-symbolize (0.1.0)
    spine-transform (0.1.1)
    thread_safe (0.3.5)
    tzinfo (1.2.2)
      thread_safe (~> 0.1)

PLATFORMS
  ruby

DEPENDENCIES
  activerecord (~> 4.2)
  bcrypt
  database_cleaner
  factory_girl
  oj
  pg
  puma
  rack
  rack-cors
  rack-test
  rake
  rspec
  spine-actions
  spine-authorisation
  spine-engines
  spine-hub
  spine-logging
  spine-mappings
  spine-parameters
  spine-routing
  spine-transform

BUNDLED WITH
   1.13.1
